GIT
  remote: https://github.com/sinatra/sinatra
  revision: c7e851f7d76e70afe0049cf4ee34adee3dc38ef6
  specs:
    rack-protection (3.0.0)
      rack
    sinatra (3.0.0)
      mustermann (~> 1.0)
      rack (~> 2.2)
      rack-protection (= 3.0.0)
      tilt (~> 2.0)

GEM
  remote: https://rubygems.org/
  specs:
    ast (2.4.2)
    docile (1.4.0)
    mustermann (1.1.1)
      ruby2_keywords (~> 0.0.1)
    parallel (1.21.0)
    parser (3.1.0.0)
      ast (~> 2.4.1)
    rack (2.2.3)
    rainbow (3.1.1)
    regexp_parser (2.2.0)
    rexml (3.2.5)
    rubocop (1.25.0)
      parallel (~> 1.10)
      parser (>= 3.1.0.0)
      rainbow (>= 2.2.2, < 4.0)
      regexp_parser (>= 1.8, < 3.0)
      rexml
      rubocop-ast (>= 1.15.1, < 2.0)
      ruby-progressbar (~> 1.7)
      unicode-display_width (>= 1.4.0, < 3.0)
    rubocop-ast (1.15.1)
      parser (>= 3.0.1.1)
    ruby-progressbar (1.11.0)
    ruby2_keywords (0.0.5)
    simplecov (0.21.2)
      docile (~> 1.1)
      simplecov-html (~> 0.11)
      simplecov_json_formatter (~> 0.1)
    simplecov-html (0.12.3)
    simplecov_json_formatter (0.1.3)
    tilt (2.0.10)
    unicode-display_width (2.1.0)
    webrick (1.7.0)

PLATFORMS
  arm64-darwin-21

DEPENDENCIES
  rubocop (= 1.25)
  simplecov
  sinatra!
  webrick

RUBY VERSION
   ruby 3.0.2p107

BUNDLED WITH
   2.2.33
